GEM
  remote: https://rubygems.org/
  specs:
    httparty (0.16.2)
      multi_xml (>= 0.5.2)
    multi_xml (0.6.0)
    ptools (1.3.5)
    whatever (0.0.3)

PLATFORMS
  ruby

DEPENDENCIES
  httparty!
  ptools!
  whatever!

BUNDLED WITH
   1.16.1
